GEM
  remote: https://rubygems.org/
  specs:
    diff-lcs (1.1.3)
    haml (3.1.7)
    json (1.7.7)
    rack (1.5.2)
    rack-protection (1.3.2)
      rack
    rake (10.0.3)
    rspec (2.12.0)
      rspec-core (~> 2.12.0)
      rspec-expectations (~> 2.12.0)
      rspec-mocks (~> 2.12.0)
    rspec-core (2.12.2)
    rspec-expectations (2.12.1)
      diff-lcs (~> 1.1.3)
    rspec-mocks (2.12.2)
    sinatra (1.3.4)
      rack (~> 1.4)
      rack-protection (~> 1.3)
      tilt (~> 1.3, >= 1.3.3)
    tilt (1.3.3)

PLATFORMS
  ruby

DEPENDENCIES
  haml
  json
  rake
  rspec
  sinatra
